GEM
  remote: https://rubygems.org/
  specs:
    dotenv (3.1.8)
    faraday (2.13.1)
      faraday-net_http (>= 2.0, < 3.5)
      json
      logger
    faraday-net_http (3.4.0)
      net-http (>= 0.5.0)
    json (2.12.2)
    logger (1.7.0)
    net-http (0.6.0)
      uri
    uri (1.0.3)

PLATFORMS
  arm64-darwin-23
  ruby

DEPENDENCIES
  dotenv
  faraday

BUNDLED WITH
   2.5.19
